GIT
  remote: https://github.com/rails/activeresource.git
  revision: 5038de5a0f6079d368fb8a80cc648ed93fa777e4
  branch: master
  specs:
    activeresource (5.1.0)
      activemodel (>= 5.0, < 7)
      activemodel-serializers-xml (~> 1.0)
      activesupport (>= 5.0, < 7)

GEM
  remote: https://rubygems.org/
  specs:
    activemodel (6.0.2.1)
      activesupport (= 6.0.2.1)
    activemodel-serializers-xml (1.0.2)
      activemodel (> 5.x)
      activesupport (> 5.x)
      builder (~> 3.1)
    activesupport (6.0.2.1)
      concurrent-ruby (~> 1.0, >= 1.0.2)
      i18n (>= 0.7, < 2)
      minitest (~> 5.1)
      tzinfo (~> 1.1)
      zeitwerk (~> 2.2)
    awesome_print (1.8.0)
    builder (3.2.4)
    cloudfiles (1.5.0.3)
      json
    concurrent-ruby (1.1.4)
    ethon (0.12.0)
      ffi (>= 1.3.0)
    ffi (1.10.0)
    i18n (1.5.3)
      concurrent-ruby (~> 1.0)
    iron_core (1.0.12)
      rest (>= 3.0.8)
    iron_worker (3.4.1)
      iron_core (>= 1.0.12, < 2)
      json (~> 1.8, > 1.8.1)
      rest (~> 3.0, >= 3.0.8)
    json (1.8.6)
    minitest (5.14.0)
    mustermann (1.0.3)
    net-http-persistent (2.9.4)
    netrc (0.11.0)
    quimby (0.4.5)
      json
      typhoeus
    rack (2.0.6)
    rack-protection (2.0.5)
      rack
    rake (12.3.3)
    rest (3.0.8)
      net-http-persistent (>= 2.9.1, < 3)
      netrc
    rmagick (2.16.0)
    sinatra (2.0.5)
      mustermann (~> 1.0)
      rack (~> 2.0)
      rack-protection (= 2.0.5)
      tilt (~> 2.0)
    thread_safe (0.3.6)
    tilt (2.0.9)
    typhoeus (1.3.1)
      ethon (>= 0.9.0)
    tzinfo (1.2.6)
      thread_safe (~> 0.1)
    zeitwerk (2.2.2)

PLATFORMS
  ruby

DEPENDENCIES
  activeresource!
  awesome_print
  cloudfiles
  i18n
  iron_worker (~> 3.4, >= 3.4.1)
  json (~> 1.8)
  quimby
  rake
  rmagick (~> 2.16)
  sinatra

BUNDLED WITH
   2.0.1
