GEM
  remote: https://rubygems.org/
  specs:
    active_support (3.0.0)
      activesupport (= 3.0.0)
    activesupport (3.0.0)
    awesome_print (1.0.2)
    cloudfiles (1.5.0.1)
      json
    ffi (1.1.4)
    i18n (0.6.0)
    iron_core (0.3.3)
      rest (>= 2.0.0)
    iron_worker_ng (0.9.6)
      bundler (> 1.0.0)
      iron_core (>= 0.3.0)
      zip
    json (1.7.4)
    mime-types (1.19)
    net-http-persistent (2.7)
    quimby (0.4.5)
      json
      typhoeus
    rack (1.4.1)
    rack-protection (1.2.0)
      rack
    rake (0.9.2.2)
    rest (2.0.2)
      net-http-persistent
      rest-client (>= 0.3.0)
    rest-client (1.6.7)
      mime-types (>= 1.16)
    rmagick (2.13.1)
    sinatra (1.3.2)
      rack (~> 1.3, >= 1.3.6)
      rack-protection (~> 1.2)
      tilt (~> 1.3, >= 1.3.3)
    tilt (1.3.3)
    typhoeus (0.4.2)
      ffi (~> 1.0)
      mime-types (~> 1.18)
    zip (2.0.2)

PLATFORMS
  ruby

DEPENDENCIES
  active_support
  awesome_print
  cloudfiles
  i18n
  iron_worker_ng
  quimby
  rake
  rest-client
  rmagick
  sinatra
